PATH
  remote: .
  specs:
    spunkmeyer (0.0.2)
      colorize
      etc
      sqlite3

GEM
  remote: https://rubygems.org/
  specs:
    colorize (0.5.8)
    diff-lcs (1.2.4)
    etc (0.2.0)
    rake (10.1.0)
    rspec (2.13.0)
      rspec-core (~> 2.13.0)
      rspec-expectations (~> 2.13.0)
      rspec-mocks (~> 2.13.0)
    rspec-core (2.13.1)
    rspec-expectations (2.13.0)
      diff-lcs (>= 1.1.3, < 2.0)
    rspec-mocks (2.13.1)
    sqlite3 (1.3.7)

PLATFORMS
  ruby

DEPENDENCIES
  rake
  rspec
  spunkmeyer!
